GIT
  remote: git@github.com:astratto/vcloud-rest.git
  revision: 876be3b051f13943b4fe65d166e5e92b4c0fa5e1
  branch: master
  specs:
    vcloud-rest (1.1.0)
      httpclient (~> 2.3.3)
      nokogiri (>= 1.5.10)
      rest-client (~> 1.6.7)
      ruby-progressbar (~> 1.2.0)

GIT
  remote: git@github.com:developingchris/thor.git
  revision: e917677011334e6223599ee66790cc8afce769b3
  branch: unify_help
  specs:
    thor (0.18.1)

PATH
  remote: .
  specs:
    bird (0.0.4)
      nokogiri
      thor
      user_config
      vcloud-rest

GEM
  remote: https://rubygems.org/
  specs:
    celluloid (0.15.2)
      timers (~> 1.1.0)
    coderay (1.1.0)
    fakefs (0.4.3)
    ffi (1.9.3)
    formatador (0.2.4)
    guard (2.2.5)
      formatador (>= 0.2.4)
      listen (~> 2.1)
      lumberjack (~> 1.0)
      pry (>= 0.9.12)
      thor (>= 0.18.1)
    guard-minitest (2.1.3)
      guard (~> 2.0)
      minitest (>= 3.0)
    httpclient (2.3.4.1)
    listen (2.4.0)
      celluloid (>= 0.15.2)
      rb-fsevent (>= 0.9.3)
      rb-inotify (>= 0.9)
    lumberjack (1.0.4)
    method_source (0.8.2)
    mime-types (2.0)
    mini_portile (0.5.2)
    minitest (5.2.0)
    nokogiri (1.6.1)
      mini_portile (~> 0.5.0)
    pry (0.9.12.4)
      coderay (~> 1.0)
      method_source (~> 0.8)
      slop (~> 3.4)
    rake (10.1.1)
    rb-fsevent (0.9.3)
    rb-inotify (0.9.3)
      ffi (>= 0.5.0)
    rest-client (1.6.7)
      mime-types (>= 1.16)
    rr (1.1.2)
    ruby-progressbar (1.2.0)
    slop (3.4.7)
    timers (1.1.0)
    user_config (0.0.4)

PLATFORMS
  ruby

DEPENDENCIES
  bird!
  bundler (~> 1.3)
  fakefs
  guard-minitest
  rake
  rr
  thor!
  vcloud-rest!
