GIT
  remote: git@github.com:brettswift/vcloud-rest.git
  revision: 1a8f1ee9ac42bc898cba3a4fd75f975cc83a71c0
  branch: vmSnapshots
  specs:
    vcloud-rest (1.1.1)
      httpclient (~> 2.3.3)
      nokogiri (>= 1.5.10)
      rest-client (~> 1.6.7)
      ruby-progressbar (~> 1.2.0)

GIT
  remote: git@github.com:erikhuda/thor.git
  revision: d9d26adcd3ee0d5af04e41bcd6db0ea64c11766f
  specs:
    thor (0.18.1)

PATH
  remote: .
  specs:
    bird (0.0.4)
      nokogiri
      symmetric-encryption
      thor
      user_config
      vcloud-rest

GEM
  remote: https://rubygems.org/
  specs:
    ansi (1.4.3)
    builder (3.2.2)
    celluloid (0.15.2)
      timers (~> 1.1.0)
    coderay (1.1.0)
    colorize (0.6.0)
    fakefs (0.5.0)
    ffi (1.9.3)
    formatador (0.2.4)
    guard (2.2.5)
      formatador (>= 0.2.4)
      listen (~> 2.1)
      lumberjack (~> 1.0)
      pry (>= 0.9.12)
      thor (>= 0.18.1)
    guard-minitest (2.1.3)
      guard (~> 2.0)
      minitest (>= 3.0)
    guard-rake (0.0.9)
      guard
      rake
    hashie (2.0.5)
    httpclient (2.3.4.1)
    listen (2.4.0)
      celluloid (>= 0.15.2)
      rb-fsevent (>= 0.9.3)
      rb-inotify (>= 0.9)
    lumberjack (1.0.4)
    method_source (0.8.2)
    mime-types (2.0)
    mini_portile2 (2.8.0)
    minitest (5.2.1)
    minitest-reporters (1.0.0)
      ansi
      builder
      minitest (>= 5.0)
      powerbar
    nokogiri (1.13.3)
      mini_portile2 (~> 2.8.0)
      racc (~> 1.4)
    powerbar (1.0.11)
      ansi (~> 1.4.0)
      hashie (>= 1.1.0)
    pry (0.9.12.4)
      coderay (~> 1.0)
      method_source (~> 0.8)
      slop (~> 3.4)
    racc (1.6.0)
    rake (10.1.1)
    rb-fsevent (0.9.4)
    rb-inotify (0.9.3)
      ffi (>= 0.5.0)
    rest-client (1.6.7)
      mime-types (>= 1.16)
    rr (1.1.2)
    ruby-progressbar (1.2.0)
    slop (3.4.7)
    symmetric-encryption (3.2)
    timers (1.1.0)
    user_config (0.0.4)

PLATFORMS
  ruby

DEPENDENCIES
  bird!
  bundler (~> 1.3)
  colorize
  fakefs
  guard
  guard-minitest
  guard-rake
  minitest-reporters
  rake
  rr
  thor!
  vcloud-rest!
